GEM
  remote: https://rubygems.org/
  specs:
    addressable (2.3.5)
    google_calendar (0.3.0)
      addressable (>= 2.2.2)
      nokogiri (>= 1.4.4)
    haml (4.0.3)
      tilt
    mini_portile (0.5.1)
    nokogiri (1.6.0)
      mini_portile (~> 0.5.0)
    tilt (1.4.1)

PLATFORMS
  ruby

DEPENDENCIES
  google_calendar
  haml
